GEM
  remote: https://rubygems.org/
  specs:
    daemons (1.2.3)
    eventmachine (1.0.8)
    rack (2.0.4)
    rack-protection (2.0.1)
      rack
    sinatra (2.0.1)
      rack (~> 2.0)
      rack-protection (~> 2.0.0)
      tilt (>= 2.0, < 3)
      mustermann (~> 1.0)
    thin (1.6.4)
      daemons (~> 1.0, >= 1.0.9)
      eventmachine (~> 1.0, >= 1.0.4)
      rack (~> 1.0)
    tilt (2.0.1)

PLATFORMS
  x64-mingw32

DEPENDENCIES
  sinatra
  thin

BUNDLED WITH
   1.10.6
